PATH
  remote: .
  specs:
    nasreddin (0.0.7)
      multi_json (~> 1.3.4)
      rack (~> 1.4.1)
      torquebox (~> 2.0.3)

GEM
  remote: https://rubygems.org/
  specs:
    bacon (1.1.0)
    blankslate (2.1.2.4)
    clj (0.0.5.6)
    haml (3.1.6)
    json (1.5.1-java)
    kramdown (0.13.7)
    multi_json (1.3.6)
    rack (1.4.1)
    rack-accept (0.4.4)
      rack (>= 0.4)
    rake (0.9.2.2)
    sass (3.1.19)
    sinatra (1.2.6)
      rack (~> 1.1)
      tilt (>= 1.2.2, < 2.0)
    thor (0.14.6)
    tilt (1.3.3)
    tobias-jmx (0.8)
    tobias-sinatra-url-for (0.2.1)
      sinatra (>= 0.9.1.1)
    torquebox (2.0.3)
      thor (>= 0.9.0, < 1.0.0)
      torquebox-cache (= 2.0.3)
      torquebox-configure (= 2.0.3)
      torquebox-core (= 2.0.3)
      torquebox-messaging (= 2.0.3)
      torquebox-naming (= 2.0.3)
      torquebox-rake-support (= 2.0.3)
      torquebox-security (= 2.0.3)
      torquebox-stomp (= 2.0.3)
      torquebox-transactions (= 2.0.3)
      torquebox-web (= 2.0.3)
    torquebox-backstage (1.0.2)
      bundler (~> 1.0)
      haml (~> 3.0)
      json (= 1.5.1)
      rack-accept (~> 0.4.4)
      sass (~> 3.1.2)
      sinatra (= 1.2.6)
      thor (= 0.14.6)
      tobias-jmx (= 0.8)
      tobias-sinatra-url-for (= 0.2.1)
      torquebox (~> 2.0.0)
    torquebox-cache (2.0.3-java)
      torquebox-core (= 2.0.3)
      torquebox-transactions (= 2.0.3)
    torquebox-configure (2.0.3-java)
      blankslate (= 2.1.2.4)
    torquebox-core (2.0.3-java)
    torquebox-messaging (2.0.3-java)
      clj (= 0.0.5.6)
      torquebox-core (= 2.0.3)
      torquebox-transactions (= 2.0.3)
    torquebox-naming (2.0.3-java)
    torquebox-rake-support (2.0.3)
      rake (>= 0.8.7, < 1.0.0)
    torquebox-security (2.0.3-java)
      torquebox-core (= 2.0.3)
    torquebox-server (2.0.3-java)
      torquebox (= 2.0.3)
    torquebox-stomp (2.0.3)
      torquebox-core (= 2.0.3)
      torquebox-messaging (= 2.0.3)
    torquebox-transactions (2.0.3)
      torquebox-core (= 2.0.3)
    torquebox-web (2.0.3-java)
    yard (0.8.2.1)

PLATFORMS
  java

DEPENDENCIES
  bacon (~> 1.1.0)
  kramdown (~> 0.13.7)
  nasreddin!
  torquebox-backstage
  torquebox-server (~> 2.0.3)
  yard (~> 0.8.2)
