PATH
  remote: .
  specs:
    nasreddin (0.0.0)
      rack (~> 1.4.1)
      torquebox (~> 2.0.0)
      torquebox-server (~> 2.0.0)

GEM
  remote: https://rubygems.org/
  specs:
    blankslate (2.1.2.4)
    bond (0.4.1)
    clj (0.0.5.6)
    diff-lcs (1.1.3)
    haml (3.1.4)
    json (1.5.1-java)
    multi_json (1.0.4)
    rack (1.4.1)
    rack-accept (0.4.4)
      rack (>= 0.4)
    rake (0.9.2.2)
    ripl (0.5.1)
      bond (~> 0.4.0)
    ripl-multi_line (0.3.0)
      ripl (>= 0.3.6)
    rspec (2.9.0)
      rspec-core (~> 2.9.0)
      rspec-expectations (~> 2.9.0)
      rspec-mocks (~> 2.9.0)
    rspec-core (2.9.0)
    rspec-expectations (2.9.1)
      diff-lcs (~> 1.1.3)
    rspec-mocks (2.9.0)
    sass (3.1.16)
    sinatra (1.2.6)
      rack (~> 1.1)
      tilt (>= 1.2.2, < 2.0)
    thor (0.14.6)
    tilt (1.3.3)
    tobias-jmx (0.8)
    tobias-rack-webconsole (0.1.4)
      multi_json (~> 1.0.3)
      rack
      ripl (~> 0.5.1)
      ripl-multi_line (~> 0.3.0)
    tobias-sinatra-url-for (0.2.1)
      sinatra (>= 0.9.1.1)
    torquebox (2.0.1)
      thor (>= 0.9.0, < 1.0.0)
      torquebox-cache (= 2.0.1)
      torquebox-configure (= 2.0.1)
      torquebox-core (= 2.0.1)
      torquebox-messaging (= 2.0.1)
      torquebox-naming (= 2.0.1)
      torquebox-rake-support (= 2.0.1)
      torquebox-security (= 2.0.1)
      torquebox-stomp (= 2.0.1)
      torquebox-transactions (= 2.0.1)
      torquebox-web (= 2.0.1)
    torquebox-backstage (1.0.3)
      bundler (~> 1.0)
      haml (~> 3.0)
      json (= 1.5.1)
      rack-accept (~> 0.4.4)
      sass (~> 3.1.2)
      sinatra (= 1.2.6)
      thor (= 0.14.6)
      tobias-jmx (= 0.8)
      tobias-sinatra-url-for (= 0.2.1)
      torquebox (~> 2.0.0)
      torquebox-webconsole (= 0.1.0)
    torquebox-cache (2.0.1-java)
      torquebox-core (= 2.0.1)
      torquebox-transactions (= 2.0.1)
    torquebox-configure (2.0.1-java)
      blankslate (= 2.1.2.4)
    torquebox-core (2.0.1-java)
    torquebox-messaging (2.0.1-java)
      clj (= 0.0.5.6)
      torquebox-core (= 2.0.1)
      torquebox-transactions (= 2.0.1)
    torquebox-naming (2.0.1-java)
    torquebox-rake-support (2.0.1)
      rake (>= 0.8.7, < 1.0.0)
    torquebox-security (2.0.1-java)
      torquebox-core (= 2.0.1)
    torquebox-server (2.0.1-java)
      torquebox (= 2.0.1)
    torquebox-stomp (2.0.1)
      torquebox-core (= 2.0.1)
      torquebox-messaging (= 2.0.1)
    torquebox-transactions (2.0.1)
      torquebox-core (= 2.0.1)
    torquebox-web (2.0.1-java)
    torquebox-webconsole (0.1.0)
      tobias-rack-webconsole (= 0.1.4)
    torquespec (0.4.9)
      json
      rspec

PLATFORMS
  java

DEPENDENCIES
  nasreddin!
  rspec
  torquebox-backstage
  torquespec
