PATH
  remote: ../../
  specs:
    nasreddin (0.0.0)
      rack (~> 1.4.1)
      torquebox (~> 2.0.2)
      torquebox-server (~> 2.0.2)

GEM
  remote: https://rubygems.org/
  specs:
    blankslate (2.1.2.4)
    clj (0.0.5.6)
    json (1.5.0-java)
    json-jruby (1.5.0-java)
      json (= 1.5.0)
    rack (1.4.1)
    rack-protection (1.2.0)
      rack
    rake (0.9.2.2)
    sinatra (1.3.2)
      rack (~> 1.3, >= 1.3.6)
      rack-protection (~> 1.2)
      tilt (~> 1.3, >= 1.3.3)
    thor (0.15.0)
    tilt (1.3.3)
    torquebox (2.0.2)
      thor (>= 0.9.0, < 1.0.0)
      torquebox-cache (= 2.0.2)
      torquebox-configure (= 2.0.2)
      torquebox-core (= 2.0.2)
      torquebox-messaging (= 2.0.2)
      torquebox-naming (= 2.0.2)
      torquebox-rake-support (= 2.0.2)
      torquebox-security (= 2.0.2)
      torquebox-stomp (= 2.0.2)
      torquebox-transactions (= 2.0.2)
      torquebox-web (= 2.0.2)
    torquebox-cache (2.0.2-java)
      torquebox-core (= 2.0.2)
      torquebox-transactions (= 2.0.2)
    torquebox-configure (2.0.2-java)
      blankslate (= 2.1.2.4)
    torquebox-core (2.0.2-java)
    torquebox-messaging (2.0.2-java)
      clj (= 0.0.5.6)
      torquebox-core (= 2.0.2)
      torquebox-transactions (= 2.0.2)
    torquebox-naming (2.0.2-java)
    torquebox-rake-support (2.0.2)
      rake (>= 0.8.7, < 1.0.0)
    torquebox-security (2.0.2-java)
      torquebox-core (= 2.0.2)
    torquebox-server (2.0.2-java)
      torquebox (= 2.0.2)
    torquebox-stomp (2.0.2)
      torquebox-core (= 2.0.2)
      torquebox-messaging (= 2.0.2)
    torquebox-transactions (2.0.2)
      torquebox-core (= 2.0.2)
    torquebox-web (2.0.2-java)

PLATFORMS
  java

DEPENDENCIES
  json-jruby
  nasreddin!
  sinatra
  torquebox
  torquebox-server
